GEM
  specs:
    builder (3.0.0)
    rack (1.2.1)
    rdiscount (1.6.5)
    toto (0.4.9)
      builder
      rack
      rdiscount

PLATFORMS
  ruby

DEPENDENCIES
  builder
  rdiscount
  toto
